GIT
  remote: https://github.com/BrunoMazzo/Danger-Slather.git
  revision: 24bc70c35832874812e7f67e07e593c4b80358a6
  ref: 24bc70c
  specs:
    danger-slather (0.0.6)
      danger-plugin-api (~> 1.0)
      slather (~> 2.3)

GEM
  remote: https://rubygems.org/
  specs:
    CFPropertyList (3.0.7)
      base64
      nkf
      rexml
    activesupport (7.1.3.3)
      base64
      bigdecimal
      concurrent-ruby (~> 1.0, >= 1.0.2)
      connection_pool (>= 2.2.5)
      drb
      i18n (>= 1.6, < 2)
      minitest (>= 5.1)
      mutex_m
      tzinfo (~> 2.0)
    addressable (2.8.6)
      public_suffix (>= 2.0.2, < 6.0)
    atomos (0.1.3)
    base64 (0.2.0)
    bigdecimal (3.1.8)
    claide (1.1.0)
    claide-plugins (0.9.2)
      cork
      nap
      open4 (~> 1.3)
    clamp (1.3.2)
    colored2 (3.1.2)
    concurrent-ruby (1.3.1)
    connection_pool (2.4.1)
    cork (0.3.0)
      colored2 (~> 3.1)
    danger (9.4.3)
      claide (~> 1.0)
      claide-plugins (>= 0.9.2)
      colored2 (~> 3.1)
      cork (~> 0.1)
      faraday (>= 0.9.0, < 3.0)
      faraday-http-cache (~> 2.0)
      git (~> 1.13)
      kramdown (~> 2.3)
      kramdown-parser-gfm (~> 1.0)
      no_proxy_fix
      octokit (>= 4.0)
      terminal-table (>= 1, < 4)
    danger-plugin-api (1.0.0)
      danger (> 2.0)
    danger-xcode_summary (1.3.0)
      danger-plugin-api (~> 1.0)
      xcresult (~> 0.2)
    drb (2.2.1)
    faraday (2.9.0)
      faraday-net_http (>= 2.0, < 3.2)
    faraday-http-cache (2.5.1)
      faraday (>= 0.8)
    faraday-net_http (3.1.0)
      net-http
    git (1.19.1)
      addressable (~> 2.8)
      rchardet (~> 1.8)
    i18n (1.14.5)
      concurrent-ruby (~> 1.0)
    kramdown (2.4.0)
      rexml
    kramdown-parser-gfm (1.1.0)
      kramdown (~> 2.0)
    minitest (5.23.1)
    mutex_m (0.2.0)
    nanaimo (0.3.0)
    nap (1.1.0)
    net-http (0.4.1)
      uri
    nkf (0.2.0)
    no_proxy_fix (0.1.2)
    nokogiri (1.16.5-arm64-darwin)
      racc (~> 1.4)
    nokogiri (1.16.5-x86_64-darwin)
      racc (~> 1.4)
    nokogiri (1.16.5-x86_64-linux)
      racc (~> 1.4)
    octokit (8.1.0)
      base64
      faraday (>= 1, < 3)
      sawyer (~> 0.9)
    open4 (1.3.4)
    public_suffix (5.0.5)
    racc (1.8.0)
    rchardet (1.8.0)
    rexml (3.2.8)
      strscan (>= 3.0.9)
    sawyer (0.9.2)
      addressable (>= 2.3.5)
      faraday (>= 0.17.3, < 3)
    slather (2.8.0)
      CFPropertyList (>= 2.2, < 4)
      activesupport
      clamp (~> 1.3)
      nokogiri (>= 1.14.3)
      xcodeproj (~> 1.21)
    strscan (3.1.0)
    terminal-table (3.0.2)
      unicode-display_width (>= 1.1.1, < 3)
    tzinfo (2.0.6)
      concurrent-ruby (~> 1.0)
    unicode-display_width (2.5.0)
    uri (0.13.0)
    xcodeproj (1.24.0)
      CFPropertyList (>= 2.3.3, < 4.0)
      atomos (~> 0.1.3)
      claide (>= 1.0.2, < 2.0)
      colored2 (~> 3.1)
      nanaimo (~> 0.3.0)
      rexml (~> 3.2.4)
    xcresult (0.2.1)

PLATFORMS
  arm64-darwin-21
  arm64-darwin-22
  arm64-darwin-23
  x86_64-darwin-20
  x86_64-linux

DEPENDENCIES
  danger
  danger-slather!
  danger-xcode_summary

BUNDLED WITH
   2.4.21
